GEM
  remote: https://rubygems.org/
  specs:
    aws-sdk-v1 (1.64.0)
      json (~> 1.4)
      nokogiri (>= 1.4.4)
    cap-ec2 (1.0.0)
      aws-sdk-v1
      capistrano (>= 3.0)
      colorize
      terminal-table
    capistrano (3.4.0)
      i18n
      rake (>= 10.0.0)
      sshkit (~> 1.3)
    capistrano-composer (0.0.6)
      capistrano (>= 3.0.0.pre)
    capistrano-logtail (0.1.1)
      capistrano (>= 3.0.0, < 4.0.0)
    capistrano-shell (0.2.0)
      capistrano (~> 3.1)
    colorize (0.7.7)
    i18n (0.7.0)
    json (1.8.2)
    mini_portile (0.6.2)
    net-scp (1.2.1)
      net-ssh (>= 2.6.5)
    net-ssh (2.9.2)
    nokogiri (1.6.6.2)
      mini_portile (~> 0.6.0)
    rake (10.4.2)
    sshkit (1.7.1)
      colorize (>= 0.7.0)
      net-scp (>= 1.1.2)
      net-ssh (>= 2.8.0)
    terminal-table (1.4.5)

PLATFORMS
  ruby

DEPENDENCIES
  cap-ec2
  capistrano
  capistrano-composer
  capistrano-logtail
  capistrano-shell
